GEM
  remote: https://rubygems.org/
  specs:
    net-ssh (2.6.7)
    rake (10.0.4)
    thor (0.18.1)

PLATFORMS
  ruby

DEPENDENCIES
  net-ssh
  rake
  thor
